GEM
  remote: https://rubygems.org/
  specs:
    activesupport (6.0.3.4)
      concurrent-ruby (~> 1.0, >= 1.0.2)
      i18n (>= 0.7, < 2)
      minitest (~> 5.1)
      tzinfo (~> 1.1)
      zeitwerk (~> 2.2, >= 2.2.2)
    addressable (2.8.0)
      public_suffix (>= 2.0.2, < 5.0)
    binance (1.2.0)
      faraday (~> 0.12)
      faraday_middleware (~> 0.12)
      faye-websocket (~> 0.10)
    bitcoin-secp256k1 (0.5.2)
      ffi (>= 1.9.25)
    bitx (0.2.2)
      faraday
    block_logger (0.1.3)
      logging (~> 2.0)
    bump (0.10.0)
    byebug (11.1.3)
    clamp (1.3.2)
    coderay (1.1.3)
    colorize (0.8.1)
    concurrent-ruby (1.1.7)
    cookiejar (0.3.3)
    crack (0.4.4)
    diff-lcs (1.4.4)
    digest-sha3 (1.1.0)
    docile (1.3.2)
    em-http-request (1.1.7)
      addressable (>= 2.3.4)
      cookiejar (!= 0.3.1)
      em-socksify (>= 0.3)
      eventmachine (>= 1.0.3)
      http_parser.rb (>= 0.6.0)
    em-socksify (0.3.2)
      eventmachine (>= 1.0.0.beta.4)
    em-synchrony (1.0.6)
      eventmachine (>= 1.0.0.beta.1)
    em-websocket (0.5.1)
      eventmachine (>= 0.12.9)
      http_parser.rb (~> 0.6.0)
    eth (0.4.17)
      ffi (~> 1.15)
      keccak (~> 1.3)
      money-tree (~> 0.10)
      rlp (~> 0.7)
      scrypt (~> 3.0)
    ethash (0.2.0)
    eventmachine (1.2.7)
    faker (2.14.0)
      i18n (>= 1.6, < 2)
    faraday (0.15.4)
      multipart-post (>= 1.2, < 3)
    faraday_middleware (0.13.1)
      faraday (>= 0.7.4, < 1.0)
    faye (1.4.0)
      cookiejar (>= 0.3.0)
      em-http-request (>= 1.1.6)
      eventmachine (>= 0.12.0)
      faye-websocket (>= 0.11.0)
      multi_json (>= 1.0.0)
      rack (>= 1.0.0)
      websocket-driver (>= 0.5.1)
    faye-websocket (0.11.1)
      eventmachine (>= 0.12.0)
      websocket-driver (>= 0.5.1)
    ffi (1.15.4)
    ffi-compiler (1.0.1)
      ffi (>= 1.0.0)
      rake
    fiddler-rb (0.1.2)
    hashdiff (1.0.1)
    http_parser.rb (0.6.0)
    i18n (1.8.5)
      concurrent-ruby (~> 1.0)
    io-console (0.5.6)
    irb (1.2.7)
      reline (>= 0.1.5)
    keccak (1.3.0)
    leveldb (0.1.9)
      fiddler-rb (~> 0.1.1)
    little-plugger (1.1.4)
    logging (2.3.0)
      little-plugger (~> 1.1)
      multi_json (~> 1.14)
    lru_redux (1.1.0)
    method_source (1.0.0)
    mime-types (3.3.1)
      mime-types-data (~> 3.2015)
    mime-types-data (3.2020.1104)
    minitest (5.14.2)
    money-tree (0.10.0)
      ffi
    multi_json (1.15.0)
    multipart-post (2.1.1)
    pry (0.13.1)
      coderay (~> 1.1)
      method_source (~> 1.0)
    public_suffix (4.0.6)
    rack (2.2.3)
    rake (13.0.6)
    rbtree (0.4.4)
    reline (0.1.7)
      io-console (~> 0.5)
    rlp (0.7.3)
    rspec (3.10.0)
      rspec-core (~> 3.10.0)
      rspec-expectations (~> 3.10.0)
      rspec-mocks (~> 3.10.0)
    rspec-core (3.10.0)
      rspec-support (~> 3.10.0)
    rspec-expectations (3.10.0)
      diff-lcs (>= 1.2.0, < 2.0)
      rspec-support (~> 3.10.0)
    rspec-mocks (3.10.0)
      diff-lcs (>= 1.2.0, < 2.0)
      rspec-support (~> 3.10.0)
    rspec-support (3.10.0)
    ruby-ethereum (0.10.0)
      bitcoin-secp256k1 (~> 0.4)
      block_logger (>= 0.1.3)
      digest-sha3 (~> 1.1)
      ethash (~> 0.2)
      ffi (~> 1.9)
      leveldb (= 0.1.9)
      lru_redux (~> 1.1)
      rlp (= 0.7.3)
    scrypt (3.0.7)
      ffi-compiler (>= 1.0, < 2.0)
    shoulda-matchers (4.1.2)
      activesupport (>= 4.2.0)
    simplecov (0.19.1)
      docile (~> 1.1)
      simplecov-html (~> 0.11)
    simplecov-html (0.12.3)
    thread_safe (0.3.6)
    tzinfo (1.2.7)
      thread_safe (~> 0.1)
    webmock (3.9.4)
      addressable (>= 2.3.6)
      crack (>= 0.3.2)
      hashdiff (>= 0.4.0, < 2.0.0)
    websocket-driver (0.7.5)
      websocket-extensions (>= 0.1.0)
    websocket-extensions (0.1.5)
    zeitwerk (2.4.1)

PLATFORMS
  ruby

DEPENDENCIES
  binance (~> 1.2)
  bitx (~> 0.2.2)
  bump (~> 0.8)
  byebug
  clamp (~> 1.3.1)
  colorize (~> 0.8.1)
  em-synchrony (~> 1.0)
  em-websocket
  eth (~> 0.4.17)
  eventmachine (~> 1.2)
  faker (~> 2.5)
  faraday (~> 0.15.4)
  faraday_middleware (~> 0.13.1)
  faye (~> 1.2)
  irb (~> 1.0)
  mime-types (~> 3.3)
  pry (~> 0.12)
  rack (~> 2.2)
  rbtree (~> 0.4.2)
  rspec (~> 3.9)
  ruby-ethereum (~> 0.10.0)
  shoulda-matchers (~> 4.1.2)
  simplecov
  webmock (~> 3.5)

RUBY VERSION
   ruby 2.6.5p114

BUNDLED WITH
   2.2.32
